GEM
  remote: http://rubygems.org/
  specs:
    activesupport (4.1.11)
      i18n (~> 0.6, >= 0.6.9)
      json (~> 1.7, >= 1.7.7)
      minitest (~> 5.1)
      thread_safe (~> 0.1)
      tzinfo (~> 1.1)
    concurrent-ruby (1.1.5)
    hpricot (0.8.2)
    i18n (0.9.5)
      concurrent-ruby (~> 1.0)
    json (1.8.6)
    minitest (5.11.3)
    multipart-post (1.0.1)
    opensprints-core (0.6.2)
      sequel
    r18n-core (0.4.7.1)
    r18n-desktop (0.4.7.1)
      r18n-core (= 0.4.7.1)
    sequel (5.23.0)
    sqlite3-ruby (1.2.5)
    thread_safe (0.3.6)
    tzinfo (1.2.5)
      thread_safe (~> 0.1)

PLATFORMS
  ruby

DEPENDENCIES
  activesupport
  hpricot
  multipart-post
  opensprints-core (= 0.6.2)
  r18n-desktop
  sqlite3-ruby
