GEM
  remote: http://rubygems.org/
  specs:
    activesupport (6.1.7.1)
      concurrent-ruby (~> 1.0, >= 1.0.2)
      i18n (>= 1.6, < 2)
      minitest (>= 5.1)
      tzinfo (~> 2.0)
      zeitwerk (~> 2.3)
    concurrent-ruby (1.1.10)
    hpricot (0.8.2)
    i18n (1.12.0)
      concurrent-ruby (~> 1.0)
    minitest (5.17.0)
    multipart-post (1.0.1)
    opensprints-core (0.6.2)
      sequel
    r18n-core (0.4.7.1)
    r18n-desktop (0.4.7.1)
      r18n-core (= 0.4.7.1)
    sequel (5.64.0)
    sqlite3-ruby (1.2.5)
    tzinfo (2.0.5)
      concurrent-ruby (~> 1.0)
    zeitwerk (2.6.6)

PLATFORMS
  ruby

DEPENDENCIES
  activesupport
  hpricot
  multipart-post
  opensprints-core (= 0.6.2)
  r18n-desktop
  sqlite3-ruby
